GEM
  remote: http://rubygems.org/
  specs:
    diff-lcs (1.6.1)
    rainbow (3.1.1)
    rake (13.2.1)
    rspec (3.13.0)
      rspec-core (~> 3.13.0)
      rspec-expectations (~> 3.13.0)
      rspec-mocks (~> 3.13.0)
    rspec-core (3.13.3)
      rspec-support (~> 3.13.0)
    rspec-expectations (3.13.3)
      diff-lcs (>= 1.2.0, < 2.0)
      rspec-support (~> 3.13.0)
    rspec-mocks (3.13.2)
      diff-lcs (>= 1.2.0, < 2.0)
      rspec-support (~> 3.13.0)
    rspec-support (3.13.2)
    rubyzip (1.3.0)
    yard (0.9.37)

PLATFORMS
  x64-mingw-ucrt

DEPENDENCIES
  bundler (~> 2.6.8)
  rainbow
  rake
  rspec
  rubyzip (~> 1.3.0)
  yard (~> 0.9.20)

BUNDLED WITH
   2.6.8
