GEM
  remote: http://rubygems.org/
  specs:
    diff-lcs (1.2.5)
    rainbow (3.0.0)
    rake (10.4.2)
    rspec (3.3.0)
      rspec-core (~> 3.3.0)
      rspec-expectations (~> 3.3.0)
      rspec-mocks (~> 3.3.0)
    rspec-core (3.3.2)
      rspec-support (~> 3.3.0)
    rspec-expectations (3.3.1)
      diff-lcs (>= 1.2.0, < 2.0)
      rspec-support (~> 3.3.0)
    rspec-mocks (3.3.2)
      diff-lcs (>= 1.2.0, < 2.0)
      rspec-support (~> 3.3.0)
    rspec-support (3.3.0)
    rubyzip (1.3.0)
    yard (0.9.35)

PLATFORMS
  ruby
  x64-mingw32

DEPENDENCIES
  bundler
  rainbow
  rake
  rspec
  rubyzip (~> 1.3.0)
  yard (~> 0.9.35)

BUNDLED WITH
   2.0.2
